GEM
  remote: https://rubygems.org/
  specs:
    rack (2.2.7)
    webrick (1.8.1)

PLATFORMS
  x86_64-linux

DEPENDENCIES
  rack (= 2.2.7)
  webrick (= 1.8.1)

BUNDLED WITH
   2.4.1
