GEM
  remote: https://rubygems.org/
  specs:
    mustermann (1.1.2)
      ruby2_keywords (~> 0.0.1)
    nio4r (2.5.9)
    puma (6.3.0)
      nio4r (~> 2.0)
    rack (2.0.9.3)
    rack-protection (2.0.8.1)
      rack
    ruby2_keywords (0.0.5)
    sinatra (2.0.8.1)
      mustermann (~> 1.0)
      rack (~> 2.0)
      rack-protection (= 2.0.8.1)
      tilt (~> 2.0)
    tilt (2.2.0)
    webrick (1.8.1)

PLATFORMS
  x86_64-linux

DEPENDENCIES
  puma
  rack (~> 2.0.1)
  sinatra
  webrick

BUNDLED WITH
   2.4.1
